GEM
  remote: https://rubygems.org/
  specs:
    Selenium (1.1.14)
    activemodel (4.2.6)
      activesupport (= 4.2.6)
      builder (~> 3.1)
    activerecord (4.2.6)
      activemodel (= 4.2.6)
      activesupport (= 4.2.6)
      arel (~> 6.0)
    activesupport (4.2.6)
      i18n (~> 0.7)
      json (~> 1.7, >= 1.7.7)
      minitest (~> 5.1)
      thread_safe (~> 0.3, >= 0.3.4)
      tzinfo (~> 1.1)
    addressable (2.4.0)
    arel (6.0.3)
    builder (3.2.2)
    capybara (2.7.0)
      addressable
      mime-types (>= 1.16)
      nokogiri (>= 1.3.3)
      rack (>= 1.0.0)
      rack-test (>= 0.5.4)
      xpath (~> 2.0)
    childprocess (0.5.9)
      ffi (~> 1.0, >= 1.0.11)
    chronic (0.10.2)
    coderay (1.1.1)
    commonwatir (4.0.0)
    cucumber (2.3.3)
      builder (>= 2.1.2)
      cucumber-core (~> 1.4.0)
      cucumber-wire (~> 0.0.1)
      diff-lcs (>= 1.1.3)
      gherkin (~> 3.2.0)
      multi_json (>= 1.7.5, < 2.0)
      multi_test (>= 0.1.2)
    cucumber-core (1.4.0)
      gherkin (~> 3.2.0)
    cucumber-wire (0.0.1)
    cv-user-agent (1.1.0)
    daemons (1.2.3)
    diff-lcs (1.2.5)
    eventmachine (1.2.0.1)
    excon (0.49.0)
    factory_girl (4.7.0)
      activesupport (>= 3.0.0)
    ffi (1.9.10)
    firewatir (1.9.4)
      commonwatir (>= 1.9.2)
    gherkin (3.2.0)
    git (1.3.0)
    haml (4.0.7)
      tilt
    heroku (3.43.0)
      heroku-api (= 0.4.2)
      launchy (= 2.4.3)
      multi_json (= 1.11.2)
      net-ssh (= 2.9.2)
      net-ssh-gateway (= 1.2.0)
      netrc (= 0.10.3)
      rest-client (= 1.6.8)
      rubyzip (= 1.1.7)
    heroku-api (0.4.2)
      excon (~> 0.45)
      multi_json (~> 1.8)
    hoe (3.15.0)
      rake (>= 0.8, < 12.0)
    i18n (0.7.0)
    json (1.8.3)
    launchy (2.4.3)
      addressable (~> 2.3)
    lorem (0.1.2)
    metaclass (0.0.4)
    method_source (0.8.2)
    mime-types (1.25.1)
    mini_portile2 (2.0.0)
    minitest (5.8.4)
    mocha (1.1.0)
      metaclass (~> 0.0.1)
    multi_json (1.11.2)
    multi_test (0.1.2)
    mysql2 (0.4.4)
    net-ssh (2.9.2)
    net-ssh-gateway (1.2.0)
      net-ssh (>= 2.6.5)
    netrc (0.10.3)
    nokogiri (1.6.7.2)
      mini_portile2 (~> 2.0.0.rc2)
    pry (0.10.3)
      coderay (~> 1.1.0)
      method_source (~> 0.8.1)
      slop (~> 3.4)
    pry-nav (0.2.4)
      pry (>= 0.9.10, < 0.11.0)
    rack (1.6.4)
    rack-protection (1.5.3)
      rack
    rack-test (0.6.3)
      rack (>= 1.0)
    racksh (1.0.0)
      rack (>= 1.0)
      rack-test (>= 0.5)
    rake (11.1.2)
    rdoc (4.2.2)
      json (~> 1.4)
    rest-client (1.6.8)
      mime-types (~> 1.16)
      rdoc (>= 2.4.2)
    rspec (3.4.0)
      rspec-core (~> 3.4.0)
      rspec-expectations (~> 3.4.0)
      rspec-mocks (~> 3.4.0)
    rspec-core (3.4.4)
      rspec-support (~> 3.4.0)
    rspec-expectations (3.4.0)
      diff-lcs (>= 1.2.0, < 2.0)
      rspec-support (~> 3.4.0)
    rspec-mocks (3.4.1)
      diff-lcs (>= 1.2.0, < 2.0)
      rspec-support (~> 3.4.0)
    rspec-support (3.4.1)
    rubyzip (1.1.7)
    s4t-utils (1.0.4)
      hoe (>= 1.3.0)
    sass (3.4.22)
    selenium-webdriver (2.53.0)
      childprocess (~> 0.5)
      rubyzip (~> 1.0)
      websocket (~> 1.0)
    shotgun (0.9.1)
      rack (>= 1.0)
    sinatra (1.4.7)
      rack (~> 1.5)
      rack-protection (~> 1.4)
      tilt (>= 1.3, < 3)
    sinatra-activerecord (2.0.9)
      activerecord (>= 3.2)
      sinatra (~> 1.0)
    sinatra-flash (0.3.0)
      sinatra (>= 1.0.0)
    slop (3.6.0)
    sqlite3 (1.3.11)
    taza (1.0)
      Selenium (~> 1.1.14)
      activesupport (>= 3.1.0)
      firewatir (~> 1.9.4)
      mocha (>= 0.9.3)
      rake (>= 0.9.2)
      rspec (~> 3.0)
      thor (>= 0.18.1)
      user-choices (~> 1.1.6.1)
      watir (~> 5.0.0)
      watir-webdriver (~> 0.4)
    thin (1.6.4)
      daemons (~> 1.0, >= 1.0.9)
      eventmachine (~> 1.0, >= 1.0.4)
      rack (~> 1.0)
    thor (0.19.1)
    thread_safe (0.3.5)
    tilt (2.0.2)
    tzinfo (1.2.2)
      thread_safe (~> 0.1)
    user-choices (1.1.6.1)
      builder (>= 2.1.2)
      s4t-utils (>= 1.0.3)
      xml-simple (>= 1.0.11)
    watir (5.0.0)
      commonwatir (~> 4)
      watir-webdriver
    watir-webdriver (0.9.1)
      selenium-webdriver (>= 2.46.2)
    webrat (0.7.3)
      nokogiri (>= 1.2.0)
      rack (>= 1.0)
      rack-test (>= 0.5.3)
    websocket (1.2.3)
    xml-simple (1.1.5)
    xpath (2.0.0)
      nokogiri (~> 1.3)

PLATFORMS
  ruby

DEPENDENCIES
  activerecord
  capybara
  chronic
  cucumber
  cv-user-agent
  factory_girl
  git
  haml
  heroku
  lorem
  mysql2
  pry
  pry-nav
  rack-test
  racksh
  rspec
  sass
  shotgun
  sinatra
  sinatra-activerecord
  sinatra-flash
  sqlite3
  taza
  thin
  watir-webdriver
  webrat

BUNDLED WITH
   1.12.5
